GIT
  remote: https://github.com/lynndylanhurley/devise_token_auth.git
  revision: 4c5245b88b39c1bb305e0cbdbfc2513eebdeda93
  branch: master
  specs:
    devise_token_auth (1.2.0)
      bcrypt (~> 3.0)
      devise (> 3.5.2, < 5)
      rails (>= 4.2.0, < 6.2)

GEM
  remote: https://rubygems.org/
  specs:
    aasm (5.2.0)
      concurrent-ruby (~> 1.0)
    actioncable (6.1.6)
      actionpack (= 6.1.6)
      activesupport (= 6.1.6)
      nio4r (~> 2.0)
      websocket-driver (>= 0.6.1)
    actionmailbox (6.1.6)
      actionpack (= 6.1.6)
      activejob (= 6.1.6)
      activerecord (= 6.1.6)
      activestorage (= 6.1.6)
      activesupport (= 6.1.6)
      mail (>= 2.7.1)
    actionmailer (6.1.6)
      actionpack (= 6.1.6)
      actionview (= 6.1.6)
      activejob (= 6.1.6)
      activesupport (= 6.1.6)
      mail (~> 2.5, >= 2.5.4)
      rails-dom-testing (~> 2.0)
    actionpack (6.1.6)
      actionview (= 6.1.6)
      activesupport (= 6.1.6)
      rack (~> 2.0, >= 2.0.9)
      rack-test (>= 0.6.3)
      rails-dom-testing (~> 2.0)
      rails-html-sanitizer (~> 1.0, >= 1.2.0)
    actiontext (6.1.6)
      actionpack (= 6.1.6)
      activerecord (= 6.1.6)
      activestorage (= 6.1.6)
      activesupport (= 6.1.6)
      nokogiri (>= 1.8.5)
    actionview (6.1.6)
      activesupport (= 6.1.6)
      builder (~> 3.1)
      erubi (~> 1.4)
      rails-dom-testing (~> 2.0)
      rails-html-sanitizer (~> 1.1, >= 1.2.0)
    active_model_serializers (0.10.12)
      actionpack (>= 4.1, < 6.2)
      activemodel (>= 4.1, < 6.2)
      case_transform (>= 0.2)
      jsonapi-renderer (>= 0.1.1.beta1, < 0.3)
    activejob (6.1.6)
      activesupport (= 6.1.6)
      globalid (>= 0.3.6)
    activemodel (6.1.6)
      activesupport (= 6.1.6)
    activerecord (6.1.6)
      activemodel (= 6.1.6)
      activesupport (= 6.1.6)
    activestorage (6.1.6)
      actionpack (= 6.1.6)
      activejob (= 6.1.6)
      activerecord (= 6.1.6)
      activesupport (= 6.1.6)
      marcel (~> 1.0)
      mini_mime (>= 1.1.0)
    activesupport (6.1.6)
      concurrent-ruby (~> 1.0, >= 1.0.2)
      i18n (>= 1.6, < 2)
      minitest (>= 5.1)
      tzinfo (~> 2.0)
      zeitwerk (~> 2.3)
    addressable (2.8.0)
      public_suffix (>= 2.0.2, < 5.0)
    ahoy_matey (3.2.0)
      activesupport (>= 5)
      device_detector
      geocoder (>= 1.4.5)
      safely_block (>= 0.2.1)
    ansi (1.5.0)
    ast (2.4.2)
    aws-eventstream (1.1.1)
    aws-partitions (1.457.0)
    aws-sdk-core (3.114.0)
      aws-eventstream (~> 1, >= 1.0.2)
      aws-partitions (~> 1, >= 1.239.0)
      aws-sigv4 (~> 1.1)
      jmespath (~> 1.0)
    aws-sdk-kms (1.43.0)
      aws-sdk-core (~> 3, >= 3.112.0)
      aws-sigv4 (~> 1.1)
    aws-sdk-s3 (1.94.1)
      aws-sdk-core (~> 3, >= 3.112.0)
      aws-sdk-kms (~> 1)
      aws-sigv4 (~> 1.1)
    aws-sigv4 (1.2.3)
      aws-eventstream (~> 1, >= 1.0.2)
    backport (1.2.0)
    bcrypt (3.1.16)
    benchmark (0.2.0)
    bootsnap (1.11.1)
      msgpack (~> 1.2)
    builder (3.2.4)
    case_transform (0.2)
      activesupport
    chewy (7.2.5)
      activesupport (>= 5.2)
      elasticsearch (>= 7.12.0, < 7.14.0)
      elasticsearch-dsl
    coderay (1.1.3)
    concurrent-ruby (1.1.10)
    crack (0.4.5)
      rexml
    crass (1.0.6)
    device_detector (1.0.5)
    devise (4.8.0)
      bcrypt (~> 3.0)
      orm_adapter (~> 0.1)
      railties (>= 4.1.0)
      responders
      warden (~> 1.2.3)
    diff-lcs (1.4.4)
    docile (1.4.0)
    domain_name (0.5.20190701)
      unf (>= 0.0.5, < 1.0.0)
    e2mmap (0.1.0)
    elasticsearch (7.13.3)
      elasticsearch-api (= 7.13.3)
      elasticsearch-transport (= 7.13.3)
    elasticsearch-api (7.13.3)
      multi_json
    elasticsearch-dsl (0.1.10)
    elasticsearch-extensions (0.0.33)
      ansi
      elasticsearch
    elasticsearch-transport (7.13.3)
      faraday (~> 1)
      multi_json
    errbase (0.2.1)
    erubi (1.10.0)
    factory_bot (6.2.0)
      activesupport (>= 5.0.0)
    factory_bot_rails (6.2.0)
      factory_bot (~> 6.2.0)
      railties (>= 5.0.0)
    faker (2.17.0)
      i18n (>= 1.6, < 2)
    faraday (1.10.0)
      faraday-em_http (~> 1.0)
      faraday-em_synchrony (~> 1.0)
      faraday-excon (~> 1.1)
      faraday-httpclient (~> 1.0)
      faraday-multipart (~> 1.0)
      faraday-net_http (~> 1.0)
      faraday-net_http_persistent (~> 1.0)
      faraday-patron (~> 1.0)
      faraday-rack (~> 1.0)
      faraday-retry (~> 1.0)
      ruby2_keywords (>= 0.0.4)
    faraday-em_http (1.0.0)
    faraday-em_synchrony (1.0.0)
    faraday-excon (1.1.0)
    faraday-httpclient (1.0.1)
    faraday-multipart (1.0.3)
      multipart-post (>= 1.2, < 3)
    faraday-net_http (1.0.1)
    faraday-net_http_persistent (1.2.0)
    faraday-patron (1.0.0)
    faraday-rack (1.0.0)
    faraday-retry (1.0.3)
    ffi (1.15.1)
    geocoder (1.6.7)
    globalid (1.0.0)
      activesupport (>= 5.0)
    hashdiff (1.0.1)
    http-accept (1.7.0)
    http-cookie (1.0.4)
      domain_name (~> 0.5)
    i18n (1.10.0)
      concurrent-ruby (~> 1.0)
    jaro_winkler (1.5.4)
    jmespath (1.6.1)
    json (2.5.1)
    jsonapi-renderer (0.2.2)
    kramdown (2.4.0)
      rexml
    kramdown-parser-gfm (1.1.0)
      kramdown (~> 2.0)
    listen (3.5.1)
      rb-fsevent (~> 0.10, >= 0.10.3)
      rb-inotify (~> 0.9, >= 0.9.10)
    loofah (2.18.0)
      crass (~> 1.0.2)
      nokogiri (>= 1.5.9)
    mail (2.7.1)
      mini_mime (>= 0.1.1)
    marcel (1.0.2)
    method_source (1.0.0)
    mime-types (3.3.1)
      mime-types-data (~> 3.2015)
    mime-types-data (3.2021.0225)
    mini_mime (1.1.2)
    minitest (5.15.0)
    msgpack (1.5.1)
    multi_json (1.15.0)
    multipart-post (2.1.1)
    netrc (0.11.0)
    nio4r (2.5.8)
    nokogiri (1.13.6-arm64-darwin)
      racc (~> 1.4)
    nokogiri (1.13.6-x86_64-darwin)
      racc (~> 1.4)
    nokogiri (1.13.6-x86_64-linux)
      racc (~> 1.4)
    orm_adapter (0.5.0)
    parallel (1.22.1)
    parser (3.1.2.0)
      ast (~> 2.4.1)
    pg (1.2.3)
    postmark (1.22.0)
      json
    postmark-rails (0.22.0)
      actionmailer (>= 3.0.0)
      postmark (>= 1.21.3, < 2.0)
    pry (0.14.1)
      coderay (~> 1.1)
      method_source (~> 1.0)
    pry-rails (0.3.9)
      pry (>= 0.10.4)
    public_suffix (4.0.7)
    puma (5.6.4)
      nio4r (~> 2.0)
    pundit (0.3.0)
      activesupport (>= 3.0.0)
    pundit_helpers (1.0.0)
      pundit (~> 0.2, >= 0.2.2)
    racc (1.6.0)
    rack (2.2.3.1)
    rack-cors (1.1.1)
      rack (>= 2.0.0)
    rack-test (1.1.0)
      rack (>= 1.0, < 3)
    rails (6.1.6)
      actioncable (= 6.1.6)
      actionmailbox (= 6.1.6)
      actionmailer (= 6.1.6)
      actionpack (= 6.1.6)
      actiontext (= 6.1.6)
      actionview (= 6.1.6)
      activejob (= 6.1.6)
      activemodel (= 6.1.6)
      activerecord (= 6.1.6)
      activestorage (= 6.1.6)
      activesupport (= 6.1.6)
      bundler (>= 1.15.0)
      railties (= 6.1.6)
      sprockets-rails (>= 2.0.0)
    rails-dom-testing (2.0.3)
      activesupport (>= 4.2.0)
      nokogiri (>= 1.6)
    rails-html-sanitizer (1.4.3)
      loofah (~> 2.3)
    railties (6.1.6)
      actionpack (= 6.1.6)
      activesupport (= 6.1.6)
      method_source
      rake (>= 12.2)
      thor (~> 1.0)
    rainbow (3.1.1)
    rake (13.0.6)
    rb-fsevent (0.11.0)
    rb-inotify (0.10.1)
      ffi (~> 1.0)
    regexp_parser (2.4.0)
    responders (3.0.1)
      actionpack (>= 5.0)
      railties (>= 5.0)
    rest-client (2.1.0)
      http-accept (>= 1.7.0, < 2.0)
      http-cookie (>= 1.0.2, < 2.0)
      mime-types (>= 1.16, < 4.0)
      netrc (~> 0.8)
    reverse_markdown (2.1.1)
      nokogiri
    rexml (3.2.5)
    rspec-core (3.10.1)
      rspec-support (~> 3.10.0)
    rspec-expectations (3.10.1)
      diff-lcs (>= 1.2.0, < 2.0)
      rspec-support (~> 3.10.0)
    rspec-mocks (3.10.2)
      diff-lcs (>= 1.2.0, < 2.0)
      rspec-support (~> 3.10.0)
    rspec-rails (5.0.1)
      actionpack (>= 5.2)
      activesupport (>= 5.2)
      railties (>= 5.2)
      rspec-core (~> 3.10)
      rspec-expectations (~> 3.10)
      rspec-mocks (~> 3.10)
      rspec-support (~> 3.10)
    rspec-support (3.10.2)
    rubocop (1.29.1)
      parallel (~> 1.10)
      parser (>= 3.1.0.0)
      rainbow (>= 2.2.2, < 4.0)
      regexp_parser (>= 1.8, < 3.0)
      rexml (>= 3.2.5, < 4.0)
      rubocop-ast (>= 1.17.0, < 2.0)
      ruby-progressbar (~> 1.7)
      unicode-display_width (>= 1.4.0, < 3.0)
    rubocop-ast (1.17.0)
      parser (>= 3.1.1.0)
    ruby-progressbar (1.11.0)
    ruby2_keywords (0.0.5)
    safely_block (0.3.0)
      errbase (>= 0.1.1)
    shoulda-matchers (4.5.1)
      activesupport (>= 4.2.0)
    simplecov (0.21.2)
      docile (~> 1.1)
      simplecov-html (~> 0.11)
      simplecov_json_formatter (~> 0.1)
    simplecov-html (0.12.3)
    simplecov_json_formatter (0.1.3)
    slack-notify (0.6.0)
      faraday (>= 0.9)
      json (>= 1.8)
    solargraph (0.44.3)
      backport (~> 1.2)
      benchmark
      bundler (>= 1.17.2)
      diff-lcs (~> 1.4)
      e2mmap
      jaro_winkler (~> 1.5)
      kramdown (~> 2.3)
      kramdown-parser-gfm (~> 1.1)
      parser (~> 3.0)
      reverse_markdown (>= 1.0.5, < 3)
      rubocop (>= 0.52)
      thor (~> 1.0)
      tilt (~> 2.0)
      yard (~> 0.9, >= 0.9.24)
    spring (2.1.1)
    sprockets (4.0.3)
      concurrent-ruby (~> 1.0)
      rack (> 1, < 3)
    sprockets-rails (3.4.2)
      actionpack (>= 5.2)
      activesupport (>= 5.2)
      sprockets (>= 3.0.0)
    thor (1.2.1)
    tilt (2.0.10)
    tzinfo (2.0.4)
      concurrent-ruby (~> 1.0)
    unf (0.1.4)
      unf_ext
    unf_ext (0.0.7.7)
    unicode-display_width (2.1.0)
    warden (1.2.9)
      rack (>= 2.0.9)
    webmock (3.13.0)
      addressable (>= 2.3.6)
      crack (>= 0.3.2)
      hashdiff (>= 0.4.0, < 2.0.0)
    webrick (1.7.0)
    websocket-driver (0.7.5)
      websocket-extensions (>= 0.1.0)
    websocket-extensions (0.1.5)
    yard (0.9.27)
      webrick (~> 1.7.0)
    zeitwerk (2.5.4)

PLATFORMS
  arm64-darwin-20
  arm64-darwin-21
  x86_64-darwin-18
  x86_64-darwin-20
  x86_64-linux

DEPENDENCIES
  aasm
  active_model_serializers
  ahoy_matey
  aws-sdk-s3
  bootsnap (>= 1.4.4)
  chewy
  devise_token_auth!
  elasticsearch-extensions
  factory_bot_rails
  faker
  geocoder
  listen (~> 3.3)
  pg (~> 1.1)
  postmark-rails
  pry-rails
  puma (~> 5.0)
  pundit
  pundit_helpers
  rack-cors
  rails (~> 6.1.3, >= 6.1.3.2)
  rest-client
  rspec-rails
  shoulda-matchers
  simplecov
  slack-notify
  solargraph
  spring
  webmock

RUBY VERSION
   ruby 3.0.4p208

BUNDLED WITH
   2.2.33
